Brain Vision Data Exchange Header File Version 1.0
; Data created by the Vision Recorder

[Common Infos]
Codepage=UTF-8
DataFile=sem1a.eeg
MarkerFile=sem1a.vmrk
DataFormat=BINARY
; Data orientation: MULTIPLEXED=ch1,pt1, ch2,pt1 ...
DataOrientation=MULTIPLEXED
NumberOfChannels=64
; Sampling interval in microseconds
SamplingInterval=2000

[Binary Infos]
BinaryFormat=INT_16

[Channel Infos]
; Each entry: Ch<Channel number>=<Name>,<Reference channel name>,
; <Resolution in "Unit">,<Unit>, Future extensions..
; Fields are delimited by commas, some fields might be omitted (empty).
; Commas in channel names are coded as "\1".
Ch1=FP1,,0.1,µV
Ch2=FP2,,0.1,µV
Ch3=F3,,0.1,µV
Ch4=F4,,0.1,µV
Ch5=C3,,0.1,µV
Ch6=C4,,0.1,µV
Ch7=P3,,0.1,µV
Ch8=P4,,0.1,µV
Ch9=O1,,0.1,µV
Ch10=O2,,0.1,µV
Ch11=F7,,0.1,µV
Ch12=F8,,0.1,µV
Ch13=T7,,0.1,µV
Ch14=T8,,0.1,µV
Ch15=P7,,0.1,µV
Ch16=P8,,0.1,µV
Ch17=Fz,,0.1,µV
Ch18=Cz,,0.1,µV
Ch19=Pz,,0.1,µV
Ch20=Oz,,0.1,µV
Ch21=FC1,,0.1,µV
Ch22=FC2,,0.1,µV
Ch23=CP1,,0.1,µV
Ch24=CP2,,0.1,µV
Ch25=FC5,,0.1,µV
Ch26=FC6,,0.1,µV
Ch27=CP5,,0.1,µV
Ch28=CP6,,0.1,µV
Ch29=TP9,,0.1,µV
Ch30=TP10,,0.1,µV
Ch31=POz,,0.1,µV
Ch32=IO1,,0.1,µV
Ch33=F1,,0.1,µV
Ch34=F2,,0.1,µV
Ch35=C1,,0.1,µV
Ch36=C2,,0.1,µV
Ch37=P1,,0.1,µV
Ch38=P2,,0.1,µV
Ch39=AF3,,0.1,µV
Ch40=AF4,,0.1,µV
Ch41=FC3,,0.1,µV
Ch42=FC4,,0.1,µV
Ch43=CP3,,0.1,µV
Ch44=CP4,,0.1,µV
Ch45=PO3,,0.1,µV
Ch46=PO4,,0.1,µV
Ch47=F5,,0.1,µV
Ch48=F6,,0.1,µV
Ch49=C5,,0.1,µV
Ch50=C6,,0.1,µV
Ch51=P5,,0.1,µV
Ch52=P6,,0.1,µV
Ch53=AF7,,0.1,µV
Ch54=AF8,,0.1,µV
Ch55=FT7,,0.1,µV
Ch56=FT8,,0.1,µV
Ch57=TP7,,0.1,µV
Ch58=TP8,,0.1,µV
Ch59=PO7,,0.1,µV
Ch60=PO8,,0.1,µV
Ch61=FT9,,0.1,µV
Ch62=FT10,,0.1,µV
Ch63=FPz,,0.1,µV
Ch64=FCz,,0.1,µV

[Comment]

BrainVision Recorder Professional   -   V. 1.20.0506


A m p l i f i e r  S e t u p
============================
Number of channels: 64
Sampling Rate [Hz]: 500
Sampling Interval [µS]: 2000

Channels
--------
#     Name      Phys. Chn.    Resolution / Unit   Low Cutoff [s]   High Cutoff [Hz]   Notch [Hz]    Series Res. [kOhm] Gradient         Offset
1     FP1         1                0.1 µV             10              250              Off                5                 
2     FP2         2                0.1 µV             10              250              Off                5                 
3     F3          3                0.1 µV             10              250              Off                5                 
4     F4          4                0.1 µV             10              250              Off                5                 
5     C3          5                0.1 µV             10              250              Off                5                 
6     C4          6                0.1 µV             10              250              Off                5                 
7     P3          7                0.1 µV             10              250              Off                5                 
8     P4          8                0.1 µV             10              250              Off                5                 
9     O1          9                0.1 µV             10              250              Off                5                 
10    O2          10               0.1 µV             10              250              Off                5                 
11    F7          11               0.1 µV             10              250              Off                5                 
12    F8          12               0.1 µV             10              250              Off                5                 
13    T7          13               0.1 µV             10              250              Off                5                 
14    T8          14               0.1 µV             10              250              Off                5                 
15    P7          15               0.1 µV             10              250              Off                5                 
16    P8          16               0.1 µV             10              250              Off                5                 
17    Fz          17               0.1 µV             10              250              Off                5                 
18    Cz          18               0.1 µV             10              250              Off                5                 
19    Pz          19               0.1 µV             10              250              Off                5                 
20    Oz          20               0.1 µV             10              250              Off                5                 
21    FC1         21               0.1 µV             10              250              Off                5                 
22    FC2         22               0.1 µV             10              250              Off                5                 
23    CP1         23               0.1 µV             10              250              Off                5                 
24    CP2         24               0.1 µV             10              250              Off                5                 
25    FC5         25               0.1 µV             10              250              Off                5                 
26    FC6         26               0.1 µV             10              250              Off                5                 
27    CP5         27               0.1 µV             10              250              Off                5                 
28    CP6         28               0.1 µV             10              250              Off                5                 
29    TP9         29               0.1 µV             10              250              Off                5                 
30    TP10        30               0.1 µV             10              250              Off                5                 
31    POz         31               0.1 µV             10              250              Off                5                 
32    IO1         32               0.1 µV             10              250              Off                5                 
33    F1          33               0.1 µV             10              250              Off                5                 
34    F2          34               0.1 µV             10              250              Off                5                 
35    C1          35               0.1 µV             10              250              Off                5                 
36    C2          36               0.1 µV             10              250              Off                5                 
37    P1          37               0.1 µV             10              250              Off                5                 
38    P2          38               0.1 µV             10              250              Off                5                 
39    AF3         39               0.1 µV             10              250              Off                5                 
40    AF4         40               0.1 µV             10              250              Off                5                 
41    FC3         41               0.1 µV             10              250              Off                5                 
42    FC4         42               0.1 µV             10              250              Off                5                 
43    CP3         43               0.1 µV             10              250              Off                5                 
44    CP4         44               0.1 µV             10              250              Off                5                 
45    PO3         45               0.1 µV             10              250              Off                5                 
46    PO4         46               0.1 µV             10              250              Off                5                 
47    F5          47               0.1 µV             10              250              Off                5                 
48    F6          48               0.1 µV             10              250              Off                5                 
49    C5          49               0.1 µV             10              250              Off                5                 
50    C6          50               0.1 µV             10              250              Off                5                 
51    P5          51               0.1 µV             10              250              Off                5                 
52    P6          52               0.1 µV             10              250              Off                5                 
53    AF7         53               0.1 µV             10              250              Off                5                 
54    AF8         54               0.1 µV             10              250              Off                5                 
55    FT7         55               0.1 µV             10              250              Off                5                 
56    FT8         56               0.1 µV             10              250              Off                5                 
57    TP7         57               0.1 µV             10              250              Off                5                 
58    TP8         58               0.1 µV             10              250              Off                5                 
59    PO7         59               0.1 µV             10              250              Off                5                 
60    PO8         60               0.1 µV             10              250              Off                5                 
61    FT9         61               0.1 µV             10              250              Off                5                 
62    FT10        62               0.1 µV             10              250              Off                5                 
63    FPz         63               0.1 µV             10              250              Off                5                 
64    FCz         64               0.1 µV             10              250              Off                5                 

S o f t w a r e  F i l t e r s
==============================
Disabled


Data Electrodes Selected Impedance Measurement Range: 0 - 20 kOhm
Ground Electrode Selected Impedance Measurement Range: 0 - 10 kOhm
Reference Electrode Selected Impedance Measurement Range: 0 - 10 kOhm
Impedance [kOhm] at 14:17:27 :
FP1:          4
FP2:          7
F3:           3
F4:           6
C3:           5
C4:           5
P3:           4
P4:          10
O1:           5
O2:           5
F7:          13
F8:           5
T7:           8
T8:           3
P7:           4
P8:           3
Fz:           3
Cz:           4
Pz:           3
Oz:           4
FC1:          7
FC2:          8
CP1:          4
CP2:          5
FC5:          3
FC6:          3
CP5:          4
CP6:          3
TP9:          4
TP10:         5
POz:          4
IO1:         19
F1:          10
F2:          10
C1:           7
C2:           3
P1:           4
P2:           4
AF3:         10
AF4:          5
FC3:          4
FC4:          3
CP3:          4
CP4:          3
PO3:          3
PO4:          7
F5:           3
F6:           3
C5:          10
C6:           4
P5:           4
P6:           3
AF7:          6
AF8:          9
FT7:          3
FT8:          5
TP7:          4
TP8:          3
PO7:          7
PO8:          7
FT9:         13
FT10:         7
FPz:         12
FCz:          3
Ref:          8
Gnd:          0
